GEM
  specs:
    sass (3.4.23)

PLATFORMS
  ruby

DEPENDENCIES
  sass (~> 3.4, >= 3.4.22)

BUNDLED WITH
   1.13.6
